GEM
  remote: https://rubygems.org/
  specs:
    atmo (0.1.4)
      dotenv (~> 2.7)
      faraday (~> 1.0)
      json (~> 2.3)
    dotenv (2.7.6)
    faraday (1.0.1)
      multipart-post (>= 1.2, < 3)
    json (2.3.1)
    multipart-post (2.1.1)

PLATFORMS
  ruby

DEPENDENCIES
  atmo

BUNDLED WITH
   2.1.4
