PATH
  remote: ~/src/github.com/morygonzalez/atmo
  specs:
    atmo (0.1.3)
      dotenv (~> 2.0)
      faraday (~> 0.9.0)
      json (~> 1.1)

GEM
  remote: https://rubygems.org/
  specs:
    dotenv (2.0.2)
    faraday (0.9.2)
      multipart-post (>= 1.2, < 3)
    json (1.8.3)
    multipart-post (2.0.0)

PLATFORMS
  ruby

DEPENDENCIES
  atmo!

BUNDLED WITH
   1.11.2
